PATH
  remote: .
  specs:
    httpng (0.1.0)
      OptionParser (~> 0.5.1)
      sinatra (~> 1.3.2)

GEM
  remote: http://rubygems.org/
  specs:
    OptionParser (0.5.1)
    rack (1.4.1)
    rack-protection (1.2.0)
      rack
    sinatra (1.3.2)
      rack (~> 1.3, >= 1.3.6)
      rack-protection (~> 1.2)
      tilt (~> 1.3, >= 1.3.3)
    tilt (1.3.3)

PLATFORMS
  ruby

DEPENDENCIES
  httpng!
